GEM
  remote: https://rubygems.org/
  specs:
    autoprefixer-rails (9.4.6)
      execjs
    bootstrap (4.1.3)
      autoprefixer-rails (>= 6.0.3)
      popper_js (>= 1.12.9, < 2)
      sass (>= 3.5.2)
    execjs (2.7.0)
    ffi (1.10.0)
    popper_js (1.14.5)
    rb-fsevent (0.10.3)
    rb-inotify (0.10.0)
      ffi (~> 1.0)
    sass (3.7.3)
      sass-listen (~> 4.0.0)
    sass-listen (4.0.0)
      rb-fsevent (~> 0.9, >= 0.9.4)
      rb-inotify (~> 0.9, >= 0.9.7)

PLATFORMS
  ruby

DEPENDENCIES
  bootstrap (~> 4.1.3)

RUBY VERSION
   ruby 2.3.3p222

BUNDLED WITH
   1.17.1
